GEM
  remote: https://rubygems.org/
  specs:
    pg (1.1.4)

PLATFORMS
  ruby

DEPENDENCIES
  pg (~> 1.1.4)

RUBY VERSION
   ruby 2.6.1p33

BUNDLED WITH
   1.17.2
